GEM
  remote: https://rubygems.org/
  specs:
    actionmailer (3.2.22.4)
      actionpack (= 3.2.22.4)
      mail (~> 2.5.4)
    actionpack (3.2.22.4)
      activemodel (= 3.2.22.4)
      activesupport (= 3.2.22.4)
      builder (~> 3.0.0)
      erubis (~> 2.7.0)
      journey (~> 1.0.4)
      rack (~> 1.4.5)
      rack-cache (~> 1.2)
      rack-test (~> 0.6.1)
      sprockets (~> 2.2.1)
    activemodel (3.2.22.4)
      activesupport (= 3.2.22.4)
      builder (~> 3.0.0)
    activerecord (3.2.22.4)
      activemodel (= 3.2.22.4)
      activesupport (= 3.2.22.4)
      arel (~> 3.0.2)
      tzinfo (~> 0.3.29)
    activeresource (3.2.22.4)
      activemodel (= 3.2.22.4)
      activesupport (= 3.2.22.4)
    activesupport (3.2.22.4)
      i18n (~> 0.6, >= 0.6.4)
      multi_json (~> 1.0)
    ancestry (1.2.5)
      activerecord (>= 2.2.2)
    arel (3.0.3)
    browsercms (3.5.7)
      ancestry (~> 1.2.4)
      ckeditor_rails (~> 3.6.4)
      jquery-rails (~> 2.0)
      paperclip (~> 3.0.3)
      rails (>= 3.2.5, < 3.3.0)
      sass-rails (~> 3.2.6)
      term-ansicolor
    builder (3.0.4)
    ckeditor_rails (3.6.4.1)
      railties (~> 3.0)
      thor (~> 0.14)
    climate_control (0.0.3)
      activesupport (>= 3.0)
    cocaine (0.5.8)
      climate_control (>= 0.0.3, < 1.0)
    coffee-rails (3.2.2)
      coffee-script (>= 2.2.0)
      railties (~> 3.2.0)
    coffee-script (2.4.1)
      coffee-script-source
      execjs
    coffee-script-source (1.10.0)
    erubis (2.7.0)
    execjs (2.7.0)
    hike (1.2.3)
    i18n (0.7.0)
    journey (1.0.4)
    jquery-rails (2.3.0)
      railties (>= 3.0, < 5.0)
      thor (>= 0.14, < 2.0)
    json (1.8.3)
    mail (2.5.4)
      mime-types (~> 1.16)
      treetop (~> 1.4.8)
    mime-types (1.25.1)
    multi_json (1.12.1)
    paperclip (3.0.4)
      activemodel (>= 3.0.0)
      activerecord (>= 3.0.0)
      activesupport (>= 3.0.0)
      cocaine (>= 0.0.2)
      mime-types
    pg (0.18.4-x86-mingw32)
    polyglot (0.3.5)
    rack (1.4.7)
    rack-cache (1.6.1)
      rack (>= 0.4)
    rack-ssl (1.3.4)
      rack
    rack-test (0.6.3)
      rack (>= 1.0)
    rails (3.2.22.4)
      actionmailer (= 3.2.22.4)
      actionpack (= 3.2.22.4)
      activerecord (= 3.2.22.4)
      activeresource (= 3.2.22.4)
      activesupport (= 3.2.22.4)
      bundler (~> 1.0)
      railties (= 3.2.22.4)
    rails_12factor (0.0.3)
      rails_serve_static_assets
      rails_stdout_logging
    rails_serve_static_assets (0.0.5)
    rails_stdout_logging (0.0.5)
    railties (3.2.22.4)
      actionpack (= 3.2.22.4)
      activesupport (= 3.2.22.4)
      rack-ssl (~> 1.3.2)
      rake (>= 0.8.7)
      rdoc (~> 3.4)
      thor (>= 0.14.6, < 2.0)
    rake (11.2.2)
    rdoc (3.12.2)
      json (~> 1.4)
    sass (3.4.22)
    sass-rails (3.2.6)
      railties (~> 3.2.0)
      sass (>= 3.1.10)
      tilt (~> 1.3)
    sprockets (2.2.3)
      hike (~> 1.2)
      multi_json (~> 1.0)
      rack (~> 1.0)
      tilt (~> 1.1, != 1.3.0)
    sqlite3 (1.3.11-x86-mingw32)
    term-ansicolor (1.3.2)
      tins (~> 1.0)
    thor (0.19.1)
    tilt (1.4.1)
    tins (1.12.0)
    treetop (1.4.15)
      polyglot
      polyglot (>= 0.3.1)
    tzinfo (0.3.51)
    uglifier (3.0.2)
      execjs (>= 0.3.0, < 3)

PLATFORMS
  x86-mingw32

DEPENDENCIES
  browsercms (= 3.5.7)
  coffee-rails (~> 3.2.1)
  jquery-rails
  pg
  rails (= 3.2.22.4)
  rails_12factor
  sass-rails (~> 3.2.3)
  sqlite3
  uglifier (>= 1.0.3)

BUNDLED WITH
   1.11.2
